GEM
  remote: https://rubygems.org/
  specs:
    diff-lcs (1.4.4)
    discord-notifier (1.0.3)
    docile (1.3.2)
    httparty (0.18.1)
      mime-types (~> 3.0)
      multi_xml (>= 0.5.2)
    mime-types (3.3.1)
      mime-types-data (~> 3.2015)
    mime-types-data (3.2020.0512)
    multi_xml (0.6.0)
    rake (13.0.1)
    rspec (3.9.0)
      rspec-core (~> 3.9.0)
      rspec-expectations (~> 3.9.0)
      rspec-mocks (~> 3.9.0)
    rspec-core (3.9.2)
      rspec-support (~> 3.9.3)
    rspec-expectations (3.9.2)
      diff-lcs (>= 1.2.0, < 2.0)
      rspec-support (~> 3.9.0)
    rspec-mocks (3.9.1)
      diff-lcs (>= 1.2.0, < 2.0)
      rspec-support (~> 3.9.0)
    rspec-support (3.9.3)
    simplecov (0.18.5)
      docile (~> 1.1)
      simplecov-html (~> 0.11)
    simplecov-html (0.12.2)
    slack-notifier (2.3.2)

PLATFORMS
  x64-mingw32

DEPENDENCIES
  discord-notifier (~> 1.0, >= 1.0.3)
  httparty (~> 0.18.1)
  rake (~> 13.0, >= 13.0.1)
  rspec (~> 3.9)
  simplecov (~> 0.18.5)
  slack-notifier (~> 2.3, >= 2.3.2)

BUNDLED WITH
   1.17.2
