GEM
  remote: https://rubygems.org/
  specs:
    discord-notifier (1.0.3)
    httparty (0.18.1)
      mime-types (~> 3.0)
      multi_xml (>= 0.5.2)
    mime-types (3.3.1)
      mime-types-data (~> 3.2015)
    mime-types-data (3.2020.0512)
    multi_xml (0.6.0)

PLATFORMS
  x64-mingw32

DEPENDENCIES
  discord-notifier (~> 1.0, >= 1.0.3)
  httparty (~> 0.18.1)

BUNDLED WITH
   1.17.2
